
type = string-attribute
name = HISTORY_NOTE
count = 171
'Cytoarchitectonic - Eickhoff, Zilles, Version 1.8\n[dglen@gollum.nimh.nih.gov: Tue Sep  4 15:22:40 2012] 3drefit -atrstring ATLAS_LABEL_TABLE file:ml.niml caez_ml_18+tlrc~

type = string-attribute
name = TYPESTRING
count = 15
'3DIM_HEAD_ANAT~

type = string-attribute
name = IDCODE_STRING
count = 27
'AFN_ETsx8H489tGtwDnMdzHTxw~

type = string-attribute
name = IDCODE_DATE
count = 25
'Tue Sep  4 15:22:25 2012~

type = integer-attribute
name = SCENE_DATA
count = 8
 2 0 0 -999 -999
 -999 -999 -999

type = string-attribute
name = LABEL_1
count = 16
'caez_ml_18+tlrc~

type = string-attribute
name = LABEL_2
count = 7
'Viggo!~

type = string-attribute
name = DATASET_NAME
count = 18
'./caez_ml_18+tlrc~

type = integer-attribute
name = ORIENT_SPECIFIC
count = 3
 1 2 4

type  = float-attribute
name  = ORIGIN
count = 3
             75            115            -63

type  = float-attribute
name  = DELTA
count = 3
             -1             -1              1

type  = float-attribute
name  = IJK_TO_DICOM
count = 12
             -1              0              0             75              0
             -1              0            115              0              0
              1            -63

type  = float-attribute
name  = IJK_TO_DICOM_REAL
count = 12
             -1              0              0             75              0
             -1              0            115              0              0
              1            -63

type  = float-attribute
name  = BRICK_STATS
count = 2
              0            116

type = integer-attribute
name = DATASET_RANK
count = 8
 3 1 0 0 0
 0 0 0

type = integer-attribute
name = DATASET_DIMENSIONS
count = 5
 151 188 154 0 0

type = integer-attribute
name = BRICK_TYPES
count = 1
 0

type  = float-attribute
name  = BRICK_FLOAT_FACS
count = 1
              0

type = string-attribute
name = TEMPLATE_SPACE
count = 9
'MNI_ANAT~

type = integer-attribute
name = INT_CMAP
count = 1
 1

type = string-attribute
name = BYTEORDER_STRING
count = 10
'LSB_FIRST~

type = string-attribute
name = BRICK_LABS
count = 3
'#0~

type = string-attribute
name = BRICK_KEYWORDS
count = 1
'~

type = integer-attribute
name = ATLAS_PROB_MAP
count = 1
 0

type = string-attribute
name = ATLAS_LABEL_TABLE
count = 15723
'# -----------     Macrolabels    ---------------------
# ----------- Based on: Macro.mat --------------
<atlas_point_list
 ni_form="ni_group" >
<ATLAS_POINT
  data_type="atlas_point"
  STRUCT="Left Precentral Gyrus"
  VAL="1"
  OKEY="1"
  GYoAR="0"
  COG="0.0 0.0 0.0"
  />

<ATLAS_POINT
  data_type="atlas_point"
  STRUCT="RightPrecentral Gyrus"
  VAL="2"
  OKEY="2"
  GYoAR="0"
  COG="0.0 0.0 0.0"
  />

<ATLAS_POINT
  data_type="atlas_point"
  STRUCT="Left Superior Frontal Gyrus"
  VAL="3"
  OKEY="3"
  GYoAR="0"
  COG="0.0 0.0 0.0"
  />

<ATLAS_POINT
  data_type="atlas_point"
  STRUCT="Right Superior Frontal Gyrus"
  VAL="4"
  OKEY="4"
  GYoAR="0"
  COG="0.0 0.0 0.0"
  />

<ATLAS_POINT
  data_type="atlas_point"
  STRUCT="Left Superior Orbital Gyrus"
  VAL="5"
  OKEY="5"
  GYoAR="0"
  COG="0.0 0.0 0.0"
  />

<ATLAS_POINT
  data_type="atlas_point"
  STRUCT="Right Superior Orbital Gyrus"
  VAL="6"
  OKEY="6"
  GYoAR="0"
  COG="0.0 0.0 0.0"
  />

<ATLAS_POINT
  data_type="atlas_point"
  STRUCT="Left Middle Frontal Gyrus"
  VAL="7"
  OKEY="7"
  GYoAR="0"
  COG="0.0 0.0 0.0"
  />

<ATLAS_POINT
  data_type="atlas_point"
  STRUCT="Right Middle Frontal Gyrus"
  VAL="8"
  OKEY="8"
  GYoAR="0"
  COG="0.0 0.0 0.0"
  />

<ATLAS_POINT
  data_type="atlas_point"
  STRUCT="Left Middle Orbital Gyrus"
  VAL="9"
  OKEY="9"
  GYoAR="0"
  COG="0.0 0.0 0.0"
  />

<ATLAS_POINT
  data_type="atlas_point"
  STRUCT="Right Middle Orbital Gyrus"
  VAL="10"
  OKEY="10"
  GYoAR="0"
  COG="0.0 0.0 0.0"
  />

<ATLAS_POINT
  data_type="atlas_point"
  STRUCT="Left Inferior Frontal Gyrus (p. Opercularis)"
  VAL="11"
  OKEY="11"
  GYoAR="0"
  COG="0.0 0.0 0.0"
  />

<ATLAS_POINT
  data_type="atlas_point"
  STRUCT="Right Inferior Frontal Gyrus (p. Opercularis)"
  VAL="12"
  OKEY="12"
  GYoAR="0"
  COG="0.0 0.0 0.0"
  />

<ATLAS_POINT
  data_type="atlas_point"
  STRUCT="Left Inferior Frontal Gyrus (p. Triangularis)"
  VAL="13"
  OKEY="13"
  GYoAR="0"
  COG="0.0 0.0 0.0"
  />

<ATLAS_POINT
  data_type="atlas_point"
  STRUCT="Right Inferior Frontal Gyrus (p. Triangularis)"
  VAL="14"
  OKEY="14"
  GYoAR="0"
  COG="0.0 0.0 0.0"
  />

<ATLAS_POINT
  data_type="atlas_point"
  STRUCT="Left Inferior Frontal Gyrus (p. Orbitalis)"
  VAL="15"
  OKEY="15"
  GYoAR="0"
  COG="0.0 0.0 0.0"
  />

<ATLAS_POINT
  data_type="atlas_point"
  STRUCT="Right Inferior Frontal Gyrus (p. Orbitalis)"
  VAL="16"
  OKEY="16"
  GYoAR="0"
  COG="0.0 0.0 0.0"
  />

<ATLAS_POINT
  data_type="atlas_point"
  STRUCT="Left Rolandic Operculum"
  VAL="17"
  OKEY="17"
  GYoAR="0"
  COG="0.0 0.0 0.0"
  />

<ATLAS_POINT
  data_type="atlas_point"
  STRUCT="Right Rolandic Operculum"
  VAL="18"
  OKEY="18"
  GYoAR="0"
  COG="0.0 0.0 0.0"
  />

<ATLAS_POINT
  data_type="atlas_point"
  STRUCT="Left SMA"
  VAL="19"
  OKEY="19"
  GYoAR="0"
  COG="0.0 0.0 0.0"
  />

<ATLAS_POINT
  data_type="atlas_point"
  STRUCT="Right SMA"
  VAL="20"
  OKEY="20"
  GYoAR="0"
  COG="0.0 0.0 0.0"
  />

<ATLAS_POINT
  data_type="atlas_point"
  STRUCT="Left Olfactory cortex"
  VAL="21"
  OKEY="21"
  GYoAR="0"
  COG="0.0 0.0 0.0"
  />

<ATLAS_POINT
  data_type="atlas_point"
  STRUCT="Right Olfactory cortex"
  VAL="22"
  OKEY="22"
  GYoAR="0"
  COG="0.0 0.0 0.0"
  />

<ATLAS_POINT
  data_type="atlas_point"
  STRUCT="Left Superior Medial Gyrus"
  VAL="23"
  OKEY="23"
  GYoAR="0"
  COG="0.0 0.0 0.0"
  />

<ATLAS_POINT
  data_type="atlas_point"
  STRUCT="Right Superior Medial Gyrus"
  VAL="24"
  OKEY="24"
  GYoAR="0"
  COG="0.0 0.0 0.0"
  />

<ATLAS_POINT
  data_type="atlas_point"
  STRUCT="Left Mid Orbital Gyrus"
  VAL="25"
  OKEY="25"
  GYoAR="0"
  COG="0.0 0.0 0.0"
  />

<ATLAS_POINT
  data_type="atlas_point"
  STRUCT="Right Mid Orbital Gyrus"
  VAL="26"
  OKEY="26"
  GYoAR="0"
  COG="0.0 0.0 0.0"
  />

<ATLAS_POINT
  data_type="atlas_point"
  STRUCT="Left Rectal Gyrus"
  VAL="27"
  OKEY="27"
  GYoAR="0"
  COG="0.0 0.0 0.0"
  />

<ATLAS_POINT
  data_type="atlas_point"
  STRUCT="Right Rectal Gyrus"
  VAL="28"
  OKEY="28"
  GYoAR="0"
  COG="0.0 0.0 0.0"
  />

<ATLAS_POINT
  data_type="atlas_point"
  STRUCT="Left Insula Lobe"
  VAL="29"
  OKEY="29"
  GYoAR="0"
  COG="0.0 0.0 0.0"
  />

<ATLAS_POINT
  data_type="atlas_point"
  STRUCT="Right Insula Lobe"
  VAL="30"
  OKEY="30"
  GYoAR="0"
  COG="0.0 0.0 0.0"
  />

<ATLAS_POINT
  data_type="atlas_point"
  STRUCT="Left Anterior Cingulate Cortex"
  VAL="31"
  OKEY="31"
  GYoAR="0"
  COG="0.0 0.0 0.0"
  />

<ATLAS_POINT
  data_type="atlas_point"
  STRUCT="Right Anterior Cingulate Cortex"
  VAL="32"
  OKEY="32"
  GYoAR="0"
  COG="0.0 0.0 0.0"
  />

<ATLAS_POINT
  data_type="atlas_point"
  STRUCT="Left Middle Cingulate Cortex"
  VAL="33"
  OKEY="33"
  GYoAR="0"
  COG="0.0 0.0 0.0"
  />

<ATLAS_POINT
  data_type="atlas_point"
  STRUCT="Right Middle Cingulate Cortex"
  VAL="34"
  OKEY="34"
  GYoAR="0"
  COG="0.0 0.0 0.0"
  />

<ATLAS_POINT
  data_type="atlas_point"
  STRUCT="Left Posterior Cingulate Cortex"
  VAL="35"
  OKEY="35"
  GYoAR="0"
  COG="0.0 0.0 0.0"
  />

<ATLAS_POINT
  data_type="atlas_point"
  STRUCT="Right Posterior Cingulate Cortex"
  VAL="36"
  OKEY="36"
  GYoAR="0"
  COG="0.0 0.0 0.0"
  />

<ATLAS_POINT
  data_type="atlas_point"
  STRUCT="Left Hippocampus"
  VAL="37"
  OKEY="37"
  GYoAR="0"
  COG="0.0 0.0 0.0"
  />

<ATLAS_POINT
  data_type="atlas_point"
  STRUCT="Right Hippocampus"
  VAL="38"
  OKEY="38"
  GYoAR="0"
  COG="0.0 0.0 0.0"
  />

<ATLAS_POINT
  data_type="atlas_point"
  STRUCT="Left ParaHippocampal Gyrus"
  VAL="39"
  OKEY="39"
  GYoAR="0"
  COG="0.0 0.0 0.0"
  />

<ATLAS_POINT
  data_type="atlas_point"
  STRUCT="Right ParaHippocampal Gyrus"
  VAL="40"
  OKEY="40"
  GYoAR="0"
  COG="0.0 0.0 0.0"
  />

<ATLAS_POINT
  data_type="atlas_point"
  STRUCT="Left Amygdala"
  VAL="41"
  OKEY="41"
  GYoAR="0"
  COG="0.0 0.0 0.0"
  />

<ATLAS_POINT
  data_type="atlas_point"
  STRUCT="Right Amygdala"
  VAL="42"
  OKEY="42"
  GYoAR="0"
  COG="0.0 0.0 0.0"
  />

<ATLAS_POINT
  data_type="atlas_point"
  STRUCT="Left Calcarine Gyrus"
  VAL="43"
  OKEY="43"
  GYoAR="0"
  COG="0.0 0.0 0.0"
  />

<ATLAS_POINT
  data_type="atlas_point"
  STRUCT="Right Calcarine Gyrus"
  VAL="44"
  OKEY="44"
  GYoAR="0"
  COG="0.0 0.0 0.0"
  />

<ATLAS_POINT
  data_type="atlas_point"
  STRUCT="Left Cuneus"
  VAL="45"
  OKEY="45"
  GYoAR="0"
  COG="0.0 0.0 0.0"
  />

<ATLAS_POINT
  data_type="atlas_point"
  STRUCT="Right Cuneus"
  VAL="46"
  OKEY="46"
  GYoAR="0"
  COG="0.0 0.0 0.0"
  />

<ATLAS_POINT
  data_type="atlas_point"
  STRUCT="Left Lingual Gyrus"
  VAL="47"
  OKEY="47"
  GYoAR="0"
  COG="0.0 0.0 0.0"
  />

<ATLAS_POINT
  data_type="atlas_point"
  STRUCT="Right Lingual Gyrus"
  VAL="48"
  OKEY="48"
  GYoAR="0"
  COG="0.0 0.0 0.0"
  />

<ATLAS_POINT
  data_type="atlas_point"
  STRUCT="Left Superior Occipital Gyrus"
  VAL="49"
  OKEY="49"
  GYoAR="0"
  COG="0.0 0.0 0.0"
  />

<ATLAS_POINT
  data_type="atlas_point"
  STRUCT="Right Superior Occipital Gyrus"
  VAL="50"
  OKEY="50"
  GYoAR="0"
  COG="0.0 0.0 0.0"
  />

<ATLAS_POINT
  data_type="atlas_point"
  STRUCT="Left Middle Occipital Gyrus"
  VAL="51"
  OKEY="51"
  GYoAR="0"
  COG="0.0 0.0 0.0"
  />

<ATLAS_POINT
  data_type="atlas_point"
  STRUCT="Right Middle Occipital Gyrus"
  VAL="52"
  OKEY="52"
  GYoAR="0"
  COG="0.0 0.0 0.0"
  />

<ATLAS_POINT
  data_type="atlas_point"
  STRUCT="Left Inferior Occipital Gyrus"
  VAL="53"
  OKEY="53"
  GYoAR="0"
  COG="0.0 0.0 0.0"
  />

<ATLAS_POINT
  data_type="atlas_point"
  STRUCT="Right Inferior Occipital Gyrus"
  VAL="54"
  OKEY="54"
  GYoAR="0"
  COG="0.0 0.0 0.0"
  />

<ATLAS_POINT
  data_type="atlas_point"
  STRUCT="Left Fusiform Gyrus"
  VAL="55"
  OKEY="55"
  GYoAR="0"
  COG="0.0 0.0 0.0"
  />

<ATLAS_POINT
  data_type="atlas_point"
  STRUCT="Right Fusiform Gyrus"
  VAL="56"
  OKEY="56"
  GYoAR="0"
  COG="0.0 0.0 0.0"
  />

<ATLAS_POINT
  data_type="atlas_point"
  STRUCT="Left Postcentral Gyrus"
  VAL="57"
  OKEY="57"
  GYoAR="0"
  COG="0.0 0.0 0.0"
  />

<ATLAS_POINT
  data_type="atlas_point"
  STRUCT="Right Postcentral Gyrus"
  VAL="58"
  OKEY="58"
  GYoAR="0"
  COG="0.0 0.0 0.0"
  />

<ATLAS_POINT
  data_type="atlas_point"
  STRUCT="Left Superior Parietal Lobule"
  VAL="59"
  OKEY="59"
  GYoAR="0"
  COG="0.0 0.0 0.0"
  />

<ATLAS_POINT
  data_type="atlas_point"
  STRUCT="Right Superior Parietal Lobule"
  VAL="60"
  OKEY="60"
  GYoAR="0"
  COG="0.0 0.0 0.0"
  />

<ATLAS_POINT
  data_type="atlas_point"
  STRUCT="Left Inferior Parietal Lobule"
  VAL="61"
  OKEY="61"
  GYoAR="0"
  COG="0.0 0.0 0.0"
  />

<ATLAS_POINT
  data_type="atlas_point"
  STRUCT="Right Inferior Parietal Lobule"
  VAL="62"
  OKEY="62"
  GYoAR="0"
  COG="0.0 0.0 0.0"
  />

<ATLAS_POINT
  data_type="atlas_point"
  STRUCT="Left SupraMarginal Gyrus"
  VAL="63"
  OKEY="63"
  GYoAR="0"
  COG="0.0 0.0 0.0"
  />

<ATLAS_POINT
  data_type="atlas_point"
  STRUCT="Right SupraMarginal Gyrus"
  VAL="64"
  OKEY="64"
  GYoAR="0"
  COG="0.0 0.0 0.0"
  />

<ATLAS_POINT
  data_type="atlas_point"
  STRUCT="Left Angular Gyrus"
  VAL="65"
  OKEY="65"
  GYoAR="0"
  COG="0.0 0.0 0.0"
  />

<ATLAS_POINT
  data_type="atlas_point"
  STRUCT="Right Angular Gyrus"
  VAL="66"
  OKEY="66"
  GYoAR="0"
  COG="0.0 0.0 0.0"
  />

<ATLAS_POINT
  data_type="atlas_point"
  STRUCT="Left Precuneus"
  VAL="67"
  OKEY="67"
  GYoAR="0"
  COG="0.0 0.0 0.0"
  />

<ATLAS_POINT
  data_type="atlas_point"
  STRUCT="Right Precuneus"
  VAL="68"
  OKEY="68"
  GYoAR="0"
  COG="0.0 0.0 0.0"
  />

<ATLAS_POINT
  data_type="atlas_point"
  STRUCT="Left Paracentral Lobule"
  VAL="69"
  OKEY="69"
  GYoAR="0"
  COG="0.0 0.0 0.0"
  />

<ATLAS_POINT
  data_type="atlas_point"
  STRUCT="Right Paracentral Lobule"
  VAL="70"
  OKEY="70"
  GYoAR="0"
  COG="0.0 0.0 0.0"
  />

<ATLAS_POINT
  data_type="atlas_point"
  STRUCT="Left Caudate Nucleus"
  VAL="71"
  OKEY="71"
  GYoAR="0"
  COG="0.0 0.0 0.0"
  />

<ATLAS_POINT
  data_type="atlas_point"
  STRUCT="Right Caudate Nucleus"
  VAL="72"
  OKEY="72"
  GYoAR="0"
  COG="0.0 0.0 0.0"
  />

<ATLAS_POINT
  data_type="atlas_point"
  STRUCT="Left Putamen"
  VAL="73"
  OKEY="73"
  GYoAR="0"
  COG="0.0 0.0 0.0"
  />

<ATLAS_POINT
  data_type="atlas_point"
  STRUCT="Right Putamen"
  VAL="74"
  OKEY="74"
  GYoAR="0"
  COG="0.0 0.0 0.0"
  />

<ATLAS_POINT
  data_type="atlas_point"
  STRUCT="Left Pallidum"
  VAL="75"
  OKEY="75"
  GYoAR="0"
  COG="0.0 0.0 0.0"
  />

<ATLAS_POINT
  data_type="atlas_point"
  STRUCT="Right Pallidum"
  VAL="76"
  OKEY="76"
  GYoAR="0"
  COG="0.0 0.0 0.0"
  />

<ATLAS_POINT
  data_type="atlas_point"
  STRUCT="Left Thalamus"
  VAL="77"
  OKEY="77"
  GYoAR="0"
  COG="0.0 0.0 0.0"
  />

<ATLAS_POINT
  data_type="atlas_point"
  STRUCT="Right Thalamus"
  VAL="78"
  OKEY="78"
  GYoAR="0"
  COG="0.0 0.0 0.0"
  />

<ATLAS_POINT
  data_type="atlas_point"
  STRUCT="Left Heschls Gyrus"
  VAL="79"
  OKEY="79"
  GYoAR="0"
  COG="0.0 0.0 0.0"
  />

<ATLAS_POINT
  data_type="atlas_point"
  STRUCT="Right Heschls Gyrus"
  VAL="80"
  OKEY="80"
  GYoAR="0"
  COG="0.0 0.0 0.0"
  />

<ATLAS_POINT
  data_type="atlas_point"
  STRUCT="Left Superior Temporal Gyrus"
  VAL="81"
  OKEY="81"
  GYoAR="0"
  COG="0.0 0.0 0.0"
  />

<ATLAS_POINT
  data_type="atlas_point"
  STRUCT="Right Superior Temporal Gyrus"
  VAL="82"
  OKEY="82"
  GYoAR="0"
  COG="0.0 0.0 0.0"
  />

<ATLAS_POINT
  data_type="atlas_point"
  STRUCT="Left Temporal Pole"
  VAL="83"
  OKEY="83"
  GYoAR="0"
  COG="0.0 0.0 0.0"
  />

<ATLAS_POINT
  data_type="atlas_point"
  STRUCT="Right Temporal Pole"
  VAL="84"
  OKEY="84"
  GYoAR="0"
  COG="0.0 0.0 0.0"
  />

<ATLAS_POINT
  data_type="atlas_point"
  STRUCT="Left Middle Temporal Gyrus"
  VAL="85"
  OKEY="85"
  GYoAR="0"
  COG="0.0 0.0 0.0"
  />

<ATLAS_POINT
  data_type="atlas_point"
  STRUCT="Right Middle Temporal Gyrus"
  VAL="86"
  OKEY="86"
  GYoAR="0"
  COG="0.0 0.0 0.0"
  />

<ATLAS_POINT
  data_type="atlas_point"
  STRUCT="Left Medial Temporal Pole"
  VAL="87"
  OKEY="87"
  GYoAR="0"
  COG="0.0 0.0 0.0"
  />

<ATLAS_POINT
  data_type="atlas_point"
  STRUCT="Right Medial Temporal Pole"
  VAL="88"
  OKEY="88"
  GYoAR="0"
  COG="0.0 0.0 0.0"
  />

<ATLAS_POINT
  data_type="atlas_point"
  STRUCT="Left Inferior Temporal Gyrus"
  VAL="89"
  OKEY="89"
  GYoAR="0"
  COG="0.0 0.0 0.0"
  />

<ATLAS_POINT
  data_type="atlas_point"
  STRUCT="Right Inferior Temporal Gyrus"
  VAL="90"
  OKEY="90"
  GYoAR="0"
  COG="0.0 0.0 0.0"
  />

<ATLAS_POINT
  data_type="atlas_point"
  STRUCT="Left Cerebellum"
  VAL="91"
  OKEY="91"
  GYoAR="0"
  COG="0.0 0.0 0.0"
  />

<ATLAS_POINT
  data_type="atlas_point"
  STRUCT="Right Cerebellum"
  VAL="92"
  OKEY="92"
  GYoAR="0"
  COG="0.0 0.0 0.0"
  />

<ATLAS_POINT
  data_type="atlas_point"
  STRUCT="Left Cerebellum"
  VAL="93"
  OKEY="93"
  GYoAR="0"
  COG="0.0 0.0 0.0"
  />

<ATLAS_POINT
  data_type="atlas_point"
  STRUCT="Right Cerebellum"
  VAL="94"
  OKEY="94"
  GYoAR="0"
  COG="0.0 0.0 0.0"
  />

<ATLAS_POINT
  data_type="atlas_point"
  STRUCT="Left Cerebellum"
  VAL="95"
  OKEY="95"
  GYoAR="0"
  COG="0.0 0.0 0.0"
  />

<ATLAS_POINT
  data_type="atlas_point"
  STRUCT="Right Cerebellum"
  VAL="96"
  OKEY="96"
  GYoAR="0"
  COG="0.0 0.0 0.0"
  />

<ATLAS_POINT
  data_type="atlas_point"
  STRUCT="Left Cerebellum"
  VAL="97"
  OKEY="97"
  GYoAR="0"
  COG="0.0 0.0 0.0"
  />

<ATLAS_POINT
  data_type="atlas_point"
  STRUCT="Right Cerebellum"
  VAL="98"
  OKEY="98"
  GYoAR="0"
  COG="0.0 0.0 0.0"
  />

<ATLAS_POINT
  data_type="atlas_point"
  STRUCT="Left Cerebellum"
  VAL="99"
  OKEY="99"
  GYoAR="0"
  COG="0.0 0.0 0.0"
  />

<ATLAS_POINT
  data_type="atlas_point"
  STRUCT="Right Cerebellum"
  VAL="100"
  OKEY="100"
  GYoAR="0"
  COG="0.0 0.0 0.0"
  />

<ATLAS_POINT
  data_type="atlas_point"
  STRUCT="Left Cerebellum"
  VAL="101"
  OKEY="101"
  GYoAR="0"
  COG="0.0 0.0 0.0"
  />

<ATLAS_POINT
  data_type="atlas_point"
  STRUCT="Right Cerebellum"
  VAL="102"
  OKEY="102"
  GYoAR="0"
  COG="0.0 0.0 0.0"
  />

<ATLAS_POINT
  data_type="atlas_point"
  STRUCT="Left Cerebellum"
  VAL="103"
  OKEY="103"
  GYoAR="0"
  COG="0.0 0.0 0.0"
  />

<ATLAS_POINT
  data_type="atlas_point"
  STRUCT="Right Cerebellum"
  VAL="104"
  OKEY="104"
  GYoAR="0"
  COG="0.0 0.0 0.0"
  />

<ATLAS_POINT
  data_type="atlas_point"
  STRUCT="Left Cerebellum"
  VAL="105"
  OKEY="105"
  GYoAR="0"
  COG="0.0 0.0 0.0"
  />

<ATLAS_POINT
  data_type="atlas_point"
  STRUCT="Right Cerebellum"
  VAL="106"
  OKEY="106"
  GYoAR="0"
  COG="0.0 0.0 0.0"
  />

<ATLAS_POINT
  data_type="atlas_point"
  STRUCT="Left Cerebellum"
  VAL="107"
  OKEY="107"
  GYoAR="0"
  COG="0.0 0.0 0.0"
  />

<ATLAS_POINT
  data_type="atlas_point"
  STRUCT="Right Cerebellum"
  VAL="108"
  OKEY="108"
  GYoAR="0"
  COG="0.0 0.0 0.0"
  />

<ATLAS_POINT
  data_type="atlas_point"
  STRUCT="Cerebellar Vermis"
  VAL="109"
  OKEY="109"
  GYoAR="0"
  COG="0.0 0.0 0.0"
  />

<ATLAS_POINT
  data_type="atlas_point"
  STRUCT="Cerebellar Vermis"
  VAL="110"
  OKEY="110"
  GYoAR="0"
  COG="0.0 0.0 0.0"
  />

<ATLAS_POINT
  data_type="atlas_point"
  STRUCT="Cerebellar Vermis"
  VAL="111"
  OKEY="111"
  GYoAR="0"
  COG="0.0 0.0 0.0"
  />

<ATLAS_POINT
  data_type="atlas_point"
  STRUCT="Cerebellar Vermis"
  VAL="112"
  OKEY="112"
  GYoAR="0"
  COG="0.0 0.0 0.0"
  />

<ATLAS_POINT
  data_type="atlas_point"
  STRUCT="Cerebellar Vermis"
  VAL="113"
  OKEY="113"
  GYoAR="0"
  COG="0.0 0.0 0.0"
  />

<ATLAS_POINT
  data_type="atlas_point"
  STRUCT="Cerebellar Vermis"
  VAL="114"
  OKEY="114"
  GYoAR="0"
  COG="0.0 0.0 0.0"
  />

<ATLAS_POINT
  data_type="atlas_point"
  STRUCT="Cerebellar Vermis"
  VAL="115"
  OKEY="115"
  GYoAR="0"
  COG="0.0 0.0 0.0"
  />

<ATLAS_POINT
  data_type="atlas_point"
  STRUCT="Cerebellar Vermis"
  VAL="116"
  OKEY="116"
  GYoAR="0"
  COG="0.0 0.0 0.0"
  />

</atlas_point_list>~
